GEM
  remote: https://rubygems.org/
  specs:
    aws-eventstream (1.2.0)
    aws-partitions (1.644.0)
    aws-sdk-core (3.159.0)
      aws-eventstream (~> 1, >= 1.0.2)
      aws-partitions (~> 1, >= 1.525.0)
      aws-sigv4 (~> 1.1)
      jmespath (~> 1, >= 1.6.1)
    aws-sdk-kms (1.58.0)
      aws-sdk-core (~> 3, >= 3.127.0)
      aws-sigv4 (~> 1.1)
    aws-sdk-s3 (1.114.0)
      aws-sdk-core (~> 3, >= 3.127.0)
      aws-sdk-kms (~> 1)
      aws-sigv4 (~> 1.4)
    aws-sigv4 (1.5.2)
      aws-eventstream (~> 1, >= 1.0.2)
    dotenv (2.8.1)
    jmespath (1.6.1)
    rouge (2.0.7)
    xcpretty (0.3.0)
      rouge (~> 2.0.7)

PLATFORMS
  arm64-darwin-21
  arm64-darwin-22
  x86_64-darwin-19
  x86_64-darwin-20
  x86_64-linux

DEPENDENCIES
  aws-sdk-s3
  dotenv
  xcpretty

BUNDLED WITH
   2.3.7
